GIT
  remote: git://github.com/artists-formally-known-as-flippinclash/artoo-arduino.git
  revision: 233859cd59a08a5202dc8000d2d5a3465ce8a372
  branch: iamvery/neopixel
  specs:
    artoo-arduino (1.4.4)
      artoo (>= 1.6.0)
      artoo-gpio (>= 0.4.1)
      artoo-i2c (>= 0.5.0)
      hybridgroup-firmata (>= 0.4.6)

GIT
  remote: git://github.com/artists-formally-known-as-flippinclash/artoo-gpio.git
  revision: 4b7c3e51f9277c362de4dddd4a920ffcfef3a655
  branch: iamvery/neopixel
  specs:
    artoo-gpio (0.4.1)
      artoo (>= 1.6.0)

GIT
  remote: git://github.com/artists-formally-known-as-flippinclash/ruby-firmata.git
  revision: 79d474506cd955efbecc7ee4f6e14915f2439e2f
  branch: iamvery/neopixel
  specs:
    hybridgroup-firmata (0.4.6)
      event_emitter (~> 0.2.5)
      rubyserial (~> 0.1.1)

GEM
  remote: https://rubygems.org/
  specs:
    artoo (1.6.6)
      celluloid (~> 0.15.0)
      celluloid-io (~> 0.15.0)
      http (~> 0.5.0)
      multi_json (~> 1.6.0)
      pry (~> 0.9.0)
      rake
      reel (~> 0.4.0)
      robeaux (~> 0.0.4)
      thor (~> 0.18.1)
    artoo-i2c (0.5.0)
      artoo (>= 1.6.0)
    celluloid (0.15.2)
      timers (~> 1.1.0)
    celluloid-io (0.15.0)
      celluloid (>= 0.15.0)
      nio4r (>= 0.5.0)
    coderay (1.1.0)
    event_emitter (0.2.5)
    faraday (0.9.1)
      multipart-post (>= 1.2, < 3)
    ffi (1.9.6)
    http (0.5.1)
      http_parser.rb
    http_parser.rb (0.6.0)
    method_source (0.8.2)
    multi_json (1.6.1)
    multipart-post (2.0.0)
    nio4r (1.1.0)
    pry (0.9.12.6)
      coderay (~> 1.0)
      method_source (~> 0.8)
      slop (~> 3.4)
    rake (10.4.2)
    reel (0.4.0)
      celluloid (>= 0.15.1)
      celluloid-io (>= 0.15.0)
      http (>= 0.5.0)
      http_parser.rb (>= 0.6.0.beta.2)
      websocket_parser (>= 0.1.4)
    robeaux (0.0.4)
    rubyserial (0.1.2)
      ffi (~> 1.9.3)
    slop (3.6.0)
    thor (0.18.1)
    timers (1.1.0)
    websocket_parser (1.0.0)

PLATFORMS
  ruby

DEPENDENCIES
  artoo
  artoo-arduino!
  artoo-gpio!
  faraday
  hybridgroup-firmata!
  pry
